GEM
  remote: https://rubygems.org/
  specs:
    date (1.0.0)
    diff-lcs (1.3)
    httpclient (2.8.3)
    json (2.1.0)
    openssl (2.1.0)
    rspec (3.7.0)
      rspec-core (~> 3.7.0)
      rspec-expectations (~> 3.7.0)
      rspec-mocks (~> 3.7.0)
    rspec-core (3.7.1)
      rspec-support (~> 3.7.0)
    rspec-expectations (3.7.0)
      diff-lcs (>= 1.2.0, < 2.0)
      rspec-support (~> 3.7.0)
    rspec-mocks (3.7.0)
      diff-lcs (>= 1.2.0, < 2.0)
      rspec-support (~> 3.7.0)
    rspec-support (3.7.1)

PLATFORMS
  x64-mingw32
  x86-mingw32

DEPENDENCIES
  date
  httpclient
  json
  openssl
  rspec

BUNDLED WITH
   1.16.1
